PATH
  remote: .
  specs:
    under-os (0.0.0)

GEM
  remote: https://rubygems.org/
  specs:
    rake (10.1.0)

PLATFORMS
  ruby

DEPENDENCIES
  rake
  under-os!
